GEM
  remote: https://rubygems.org/
  specs:
    cabin (0.7.2)
    clamp (0.6.5)
    coderay (1.1.1)
    concurrent-ruby (0.9.2-java)
    ffi (1.9.10-java)
    filesize (0.0.4)
    gems (0.8.3)
    i18n (0.6.9)
    jrjackson (0.3.8)
    jruby-openssl (0.9.13-java)
    logstash-codec-plain (2.0.2)
      logstash-core (>= 2.0.0.beta2, < 3.0.0)
    logstash-core (2.2.2-java)
      cabin (~> 0.7.0)
      clamp (~> 0.6.5)
      concurrent-ruby (= 0.9.2)
      filesize (= 0.0.4)
      gems (~> 0.8.3)
      i18n (= 0.6.9)
      jrjackson (~> 0.3.7)
      jruby-openssl (= 0.9.13)
      logstash-core-event (~> 2.2.2)
      minitar (~> 0.5.4)
      pry (~> 0.10.1)
      rubyzip (~> 1.1.7)
      stud (~> 0.0.19)
      thread_safe (~> 0.3.5)
      treetop (< 1.5.0)
    logstash-core-event (2.2.2-java)
    logstash-input-jdbc (2.0.5)
      logstash-codec-plain
      logstash-core (>= 2.0.0.beta2, < 3.0.0)
      rufus-scheduler
      sequel
    method_source (0.8.2)
    minitar (0.5.4)
    polyglot (0.3.5)
    pry (0.10.3-java)
      coderay (~> 1.1.0)
      method_source (~> 0.8.1)
      slop (~> 3.4)
      spoon (~> 0.0)
    rubyzip (1.1.7)
    rufus-scheduler (3.2.0)
    sequel (4.31.0)
    slop (3.6.0)
    spoon (0.0.4)
      ffi
    stud (0.0.22)
    thread_safe (0.3.5-java)
    treetop (1.4.15)
      polyglot
      polyglot (>= 0.3.1)

PLATFORMS
  java

DEPENDENCIES
  logstash-input-jdbc (~> 2.0.0)

BUNDLED WITH
   1.11.2
